GIT
  remote: https://github.com/davidrunger/active_actions.git
  revision: fe802ed64d9e928dcf49be74a1873c9453d5a9e5
  specs:
    active_actions (0.13.3)
      memoist (~> 0.16)
      rails (~> 6.0)
      shaped (~> 0.7.0)

GIT
  remote: https://github.com/davidrunger/guard-espect.git
  revision: 8d7f8594d120f4fa815eb20d79aeb962af8e83df
  specs:
    guard-espect (4.7.3)
      guard (~> 2.1)
      guard-compat (~> 1.1)
      rspec (>= 2.99.0, < 4.0)

GIT
  remote: https://github.com/davidrunger/heat.git
  revision: 1ec7593bd64aa15f2f4ed99c16e1bbd600536fda
  specs:
    heat (0.3.0)
      activesupport (~> 6.0)
      addressable (~> 2.7)
      dotenv (~> 2.7)
      down (~> 5.1)
      memoist (~> 0.16)
      redd (= 0.10.0)
      redis (~> 4.2)
      ruby-progressbar (~> 1.10)
      slop (~> 4.8)

GIT
  remote: https://github.com/davidrunger/redd.git
  revision: 5cdaa2bcb1dfc794981e3d299502c957bb5c09c5
  specs:
    redd (0.10.0)
      http (~> 4.4)
      lazy_lazer (~> 0.8.1)

GIT
  remote: https://github.com/davidrunger/rspec_performance_summary.git
  revision: 01944d15b7f9a4eca5fc01b36d1b807b708cd0f6
  specs:
    rspec_performance_summary (0.1.5)
      rspec-core (~> 3.0)

GIT
  remote: https://github.com/davidrunger/runger_style.git
  revision: 6aef7c7978c9b5306e518c18a067e2fdad2c8da1
  specs:
    runger_style (0.2.1)

GIT
  remote: https://github.com/davidrunger/spring-watcher-listen.git
  revision: 2af02a92bef8a2e51d6601e40270228a3b3b9967
  specs:
    spring-watcher-listen (2.0.2)
      listen (>= 2.7, < 4.0)
      spring (>= 1.2, < 3.0)

GIT
  remote: https://github.com/discourse/email_reply_trimmer.git
  revision: fd1f2e82397226391c1d12c0d7fdf69a425e2385
  specs:
    email_reply_trimmer (0.1.13)

GIT
  remote: https://github.com/rails/rails-controller-testing.git
  revision: a2cc8c66acfbfb627e2f24057c56e7d3b5274708
  specs:
    rails-controller-testing (1.0.5)
      actionpack (>= 5.0.1.rc1)
      actionview (>= 5.0.1.rc1)
      activesupport (>= 5.0.1.rc1)

GIT
  remote: https://github.com/rails/rails.git
  revision: 1eade80dd69495cb98bcb03448a358107013dd61
  specs:
    actioncable (6.1.0.alpha)
      actionpack (= 6.1.0.alpha)
      activesupport (= 6.1.0.alpha)
      nio4r (~> 2.0)
      websocket-driver (>= 0.6.1)
    actionmailbox (6.1.0.alpha)
      actionpack (= 6.1.0.alpha)
      activejob (= 6.1.0.alpha)
      activerecord (= 6.1.0.alpha)
      activestorage (= 6.1.0.alpha)
      activesupport (= 6.1.0.alpha)
      mail (>= 2.7.1)
    actionmailer (6.1.0.alpha)
      actionpack (= 6.1.0.alpha)
      actionview (= 6.1.0.alpha)
      activejob (= 6.1.0.alpha)
      activesupport (= 6.1.0.alpha)
      mail (~> 2.5, >= 2.5.4)
      rails-dom-testing (~> 2.0)
    actionpack (6.1.0.alpha)
      actionview (= 6.1.0.alpha)
      activesupport (= 6.1.0.alpha)
      rack (~> 2.0, >= 2.0.9)
      rack-test (>= 0.6.3)
      rails-dom-testing (~> 2.0)
      rails-html-sanitizer (~> 1.0, >= 1.2.0)
    actiontext (6.1.0.alpha)
      actionpack (= 6.1.0.alpha)
      activerecord (= 6.1.0.alpha)
      activestorage (= 6.1.0.alpha)
      activesupport (= 6.1.0.alpha)
      nokogiri (>= 1.8.5)
    actionview (6.1.0.alpha)
      activesupport (= 6.1.0.alpha)
      builder (~> 3.1)
      erubi (~> 1.4)
      rails-dom-testing (~> 2.0)
      rails-html-sanitizer (~> 1.1, >= 1.2.0)
    activejob (6.1.0.alpha)
      activesupport (= 6.1.0.alpha)
      globalid (>= 0.3.6)
    activemodel (6.1.0.alpha)
      activesupport (= 6.1.0.alpha)
    activerecord (6.1.0.alpha)
      activemodel (= 6.1.0.alpha)
      activesupport (= 6.1.0.alpha)
    activestorage (6.1.0.alpha)
      actionpack (= 6.1.0.alpha)
      activejob (= 6.1.0.alpha)
      activerecord (= 6.1.0.alpha)
      activesupport (= 6.1.0.alpha)
      marcel (~> 0.3.1)
    activesupport (6.1.0.alpha)
      concurrent-ruby (~> 1.0, >= 1.0.2)
      i18n (>= 1.6, < 2)
      minitest (>= 5.1)
      tzinfo (~> 2.0)
      zeitwerk (~> 2.3)
    rails (6.1.0.alpha)
      actioncable (= 6.1.0.alpha)
      actionmailbox (= 6.1.0.alpha)
      actionmailer (= 6.1.0.alpha)
      actionpack (= 6.1.0.alpha)
      actiontext (= 6.1.0.alpha)
      actionview (= 6.1.0.alpha)
      activejob (= 6.1.0.alpha)
      activemodel (= 6.1.0.alpha)
      activerecord (= 6.1.0.alpha)
      activestorage (= 6.1.0.alpha)
      activesupport (= 6.1.0.alpha)
      bundler (>= 1.3.0)
      railties (= 6.1.0.alpha)
      sprockets-rails (>= 2.0.0)
    railties (6.1.0.alpha)
      actionpack (= 6.1.0.alpha)
      activesupport (= 6.1.0.alpha)
      method_source
      rake (>= 0.8.7)
      thor (~> 1.0)

GEM
  remote: https://rubygems.org/
  specs:
    active_model_serializers (0.10.10)
      actionpack (>= 4.1, < 6.1)
      activemodel (>= 4.1, < 6.1)
      case_transform (>= 0.2)
      jsonapi-renderer (>= 0.1.1.beta1, < 0.3)
    addressable (2.7.0)
      public_suffix (>= 2.0.2, < 5.0)
    administrate (0.14.0)
      actionpack (>= 4.2)
      actionview (>= 4.2)
      activerecord (>= 4.2)
      autoprefixer-rails (>= 6.0)
      datetime_picker_rails (~> 0.0.7)
      jquery-rails (>= 4.0)
      kaminari (>= 1.0)
      momentjs-rails (~> 2.8)
      sassc-rails (~> 2.1)
      selectize-rails (~> 0.6)
    amazing_print (1.2.1)
    annotate (3.1.1)
      activerecord (>= 3.2, < 7.0)
      rake (>= 10.4, < 14.0)
    ast (2.4.1)
    autoprefixer-rails (9.8.4)
      execjs
    aws-eventstream (1.1.0)
    aws-partitions (1.338.0)
    aws-sdk-core (3.103.0)
      aws-eventstream (~> 1, >= 1.0.2)
      aws-partitions (~> 1, >= 1.239.0)
      aws-sigv4 (~> 1.1)
      jmespath (~> 1.0)
    aws-sdk-kms (1.36.0)
      aws-sdk-core (~> 3, >= 3.99.0)
      aws-sigv4 (~> 1.1)
    aws-sdk-s3 (1.73.0)
      aws-sdk-core (~> 3, >= 3.102.1)
      aws-sdk-kms (~> 1)
      aws-sigv4 (~> 1.1)
    aws-sigv4 (1.2.1)
      aws-eventstream (~> 1, >= 1.0.2)
    bcrypt (3.1.13)
    better_errors (2.7.1)
      coderay (>= 1.0.0)
      erubi (>= 1.0.0)
      rack (>= 0.9.0)
    binding_of_caller (0.8.0)
      debug_inspector (>= 0.0.1)
    bootsnap (1.4.6)
      msgpack (~> 1.0)
    brakeman (4.8.2)
    browser (4.2.0)
    builder (3.2.4)
    byebug (11.1.3)
    capybara (3.33.0)
      addressable
      mini_mime (>= 0.1.3)
      nokogiri (~> 1.8)
      rack (>= 1.6.0)
      rack-test (>= 0.6.3)
      regexp_parser (~> 1.5)
      xpath (~> 3.2)
    case_transform (0.2)
      activesupport
    childprocess (3.0.0)
    climate_control (0.2.0)
    codecov (0.1.17)
      json
      simplecov
      url
    coderay (1.1.3)
    concurrent-ruby (1.1.6)
    connection_pool (2.2.3)
    crack (0.4.3)
      safe_yaml (~> 1.0.0)
    crass (1.0.6)
    dalli (2.7.10)
    database_consistency (0.8.4)
      activerecord (>= 3.2)
    datetime_picker_rails (0.0.7)
      momentjs-rails (>= 2.8.1)
    debug_inspector (0.0.3)
    devise (4.7.2)
      bcrypt (~> 3.0)
      orm_adapter (~> 0.1)
      railties (>= 4.1.0)
      responders
      warden (~> 1.2.3)
    diff-lcs (1.4.4)
    docile (1.3.2)
    domain_name (0.5.20190701)
      unf (>= 0.0.5, < 1.0.0)
    dotenv (2.7.5)
    dotenv-rails (2.7.5)
      dotenv (= 2.7.5)
      railties (>= 3.2, < 6.1)
    down (5.1.1)
      addressable (~> 2.5)
    e2mmap (0.1.0)
    erubi (1.9.0)
    et-orbi (1.2.4)
      tzinfo
    execjs (2.7.0)
    factory_bot (6.0.2)
      activesupport (>= 5.0.0)
    factory_bot_rails (6.0.0)
      factory_bot (~> 6.0.0)
      railties (>= 5.0.0)
    faker (2.13.0)
      i18n (>= 1.6, < 2)
    faraday (1.0.1)
      multipart-post (>= 1.2, < 3)
    faraday_middleware (1.0.0)
      faraday (~> 1.0)
    ffi (1.13.1)
    ffi-compiler (1.0.1)
      ffi (>= 1.0.0)
      rake
    fixture_builder (0.5.2)
      activerecord (>= 2)
      activesupport (>= 2)
      hashdiff
    flamegraph (0.9.5)
    flipper (0.17.2)
    flipper-redis (0.17.2)
      flipper (~> 0.17.2)
      redis (>= 2.2, < 5)
    flipper-ui (0.17.2)
      erubi (>= 1.0.0, < 2.0.0)
      flipper (~> 0.17.2)
      rack (>= 1.4, < 3)
      rack-protection (>= 1.5.3, < 2.1.0)
    formatador (0.2.5)
    fugit (1.3.6)
      et-orbi (~> 1.1, >= 1.1.8)
      raabro (~> 1.3)
    globalid (0.4.2)
      activesupport (>= 4.2.0)
    guard (2.16.2)
      formatador (>= 0.2.4)
      listen (>= 2.7, < 4.0)
      lumberjack (>= 1.0.12, < 2.0)
      nenv (~> 0.1)
      notiffany (~> 0.0)
      pry (>= 0.9.12)
      shellany (~> 0.0)
      thor (>= 0.18.1)
    guard-compat (1.2.1)
    hamlit (2.11.0)
      temple (>= 0.8.2)
      thor
      tilt
    hashdiff (1.0.1)
    hashie (4.1.0)
    http (4.4.1)
      addressable (~> 2.3)
      http-cookie (~> 1.0)
      http-form_data (~> 2.2)
      http-parser (~> 1.2.0)
    http-cookie (1.0.3)
      domain_name (~> 0.5)
    http-form_data (2.3.0)
    http-parser (1.2.1)
      ffi-compiler (>= 1.0, < 2.0)
    http_logger (0.6.0)
    i18n (1.8.3)
      concurrent-ruby (~> 1.0)
    immigrant (0.3.6)
      activerecord (>= 3.0)
    jmespath (1.4.0)
    jquery-rails (4.4.0)
      rails-dom-testing (>= 1, < 3)
      railties (>= 4.2.0)
      thor (>= 0.14, < 2.0)
    js-routes (1.4.9)
      railties (>= 4)
      sprockets-rails
    json (2.3.1)
    json-schema (2.8.1)
      addressable (>= 2.4)
    jsonapi-renderer (0.2.2)
    jwt (2.2.1)
    kaminari (1.2.1)
      activesupport (>= 4.1.0)
      kaminari-actionview (= 1.2.1)
      kaminari-activerecord (= 1.2.1)
      kaminari-core (= 1.2.1)
    kaminari-actionview (1.2.1)
      actionview
      kaminari-core (= 1.2.1)
    kaminari-activerecord (1.2.1)
      activerecord
      kaminari-core (= 1.2.1)
    kaminari-core (1.2.1)
    launchy (2.5.0)
      addressable (~> 2.7)
    lazy_lazer (0.8.1)
    letter_opener (1.7.0)
      launchy (~> 2.2)
    listen (3.2.1)
      rb-fsevent (~> 0.10, >= 0.10.3)
      rb-inotify (~> 0.9, >= 0.9.10)
    lograge (0.11.2)
      actionpack (>= 4)
      activesupport (>= 4)
      railties (>= 4)
      request_store (~> 1.0)
    loofah (2.6.0)
      crass (~> 1.0.2)
      nokogiri (>= 1.5.9)
    lumberjack (1.2.6)
    mail (2.7.1)
      mini_mime (>= 0.1.1)
    marcel (0.3.3)
      mimemagic (~> 0.3.2)
    memoist (0.16.2)
    method_source (1.0.0)
    mimemagic (0.3.5)
    mini_mime (1.0.2)
    mini_portile2 (2.4.0)
    minitest (5.14.1)
    momentjs-rails (2.20.1)
      railties (>= 3.1)
    msgpack (1.3.3)
    multi_json (1.14.1)
    multi_xml (0.6.0)
    multipart-post (2.1.1)
    nenv (0.3.0)
    newrelic_rpm (6.11.0.365)
    nio4r (2.5.2)
    nokogiri (1.10.10)
      mini_portile2 (~> 2.4.0)
    notiffany (0.1.3)
      nenv (~> 0.1)
      shellany (~> 0.0)
    oauth2 (1.4.4)
      faraday (>= 0.8, < 2.0)
      jwt (>= 1.0, < 3.0)
      multi_json (~> 1.3)
      multi_xml (~> 0.5)
      rack (>= 1.2, < 3)
    oj (3.10.6)
    omniauth (1.9.1)
      hashie (>= 3.4.6)
      rack (>= 1.6.2, < 3)
    omniauth-google-oauth2 (0.8.0)
      jwt (>= 2.0)
      omniauth (>= 1.1.1)
      omniauth-oauth2 (>= 1.6)
    omniauth-oauth2 (1.6.0)
      oauth2 (~> 1.1)
      omniauth (~> 1.9)
    omniauth-rails_csrf_protection (0.1.2)
      actionpack (>= 4.2)
      omniauth (>= 1.3.1)
    orm_adapter (0.5.0)
    pallets (0.9.0)
      msgpack
      redis (~> 4.2)
    parallel (1.19.2)
    parser (2.7.1.4)
      ast (~> 2.4.1)
    percy-capybara (4.2.0)
    pg (1.2.3)
    pry (0.13.1)
      coderay (~> 1.1)
      method_source (~> 1.0)
    pry-byebug (3.9.0)
      byebug (~> 11.0)
      pry (~> 0.13.0)
    pry-rails (0.3.9)
      pry (>= 0.10.4)
    public_suffix (4.0.5)
    puma (5.0.0.beta1)
      nio4r (~> 2.0)
    pundit (2.1.0)
      activesupport (>= 3.0.0)
    raabro (1.3.1)
    rack (2.2.3)
    rack-attack (6.3.1)
      rack (>= 1.0, < 3)
    rack-mini-profiler (2.0.2)
      rack (>= 1.2.0)
    rack-protection (2.0.8.1)
      rack
    rack-proxy (0.6.5)
      rack
    rack-test (1.1.0)
      rack (>= 1.0, < 3)
    rails-dom-testing (2.0.3)
      activesupport (>= 4.2.0)
      nokogiri (>= 1.6)
    rails-html-sanitizer (1.3.0)
      loofah (~> 2.3)
    rainbow (3.0.0)
    rake (13.0.1)
    rb-fsevent (0.10.4)
    rb-inotify (0.10.1)
      ffi (~> 1.0)
    redis (4.2.1)
    regexp_parser (1.7.1)
    request_store (1.5.0)
      rack (>= 1.4)
    responders (3.0.1)
      actionpack (>= 5.0)
      railties (>= 5.0)
    rexml (3.2.4)
    rollbar (2.26.0)
    rspec (3.9.0)
      rspec-core (~> 3.9.0)
      rspec-expectations (~> 3.9.0)
      rspec-mocks (~> 3.9.0)
    rspec-core (3.9.2)
      rspec-support (~> 3.9.3)
    rspec-expectations (3.9.2)
      diff-lcs (>= 1.2.0, < 2.0)
      rspec-support (~> 3.9.0)
    rspec-instafail (1.0.0)
      rspec
    rspec-mocks (3.9.1)
      diff-lcs (>= 1.2.0, < 2.0)
      rspec-support (~> 3.9.0)
    rspec-rails (4.0.1)
      actionpack (>= 4.2)
      activesupport (>= 4.2)
      railties (>= 4.2)
      rspec-core (~> 3.9)
      rspec-expectations (~> 3.9)
      rspec-mocks (~> 3.9)
      rspec-support (~> 3.9)
    rspec-support (3.9.3)
    rubocop (0.87.1)
      parallel (~> 1.10)
      parser (>= 2.7.1.1)
      rainbow (>= 2.2.2, < 4.0)
      regexp_parser (>= 1.7)
      rexml
      rubocop-ast (>= 0.1.0, < 1.0)
      ruby-progressbar (~> 1.7)
      unicode-display_width (>= 1.4.0, < 2.0)
    rubocop-ast (0.1.0)
      parser (>= 2.7.0.1)
    rubocop-performance (1.6.1)
      rubocop (>= 0.71.0)
    rubocop-rails (2.6.0)
      activesupport (>= 4.2.0)
      rack (>= 1.1)
      rubocop (>= 0.82.0)
    rubocop-rspec (1.41.0)
      rubocop (>= 0.68.1)
    ruby-progressbar (1.10.1)
    rubyzip (2.3.0)
    rufus-scheduler (3.6.0)
      fugit (~> 1.1, >= 1.1.6)
    safe_yaml (1.0.5)
    sassc (2.4.0)
      ffi (~> 1.9)
    sassc-rails (2.1.2)
      railties (>= 4.0.0)
      sassc (>= 2.0)
      sprockets (> 3.0)
      sprockets-rails
      tilt
    selectize-rails (0.12.6)
    selenium-webdriver (3.142.7)
      childprocess (>= 0.5, < 4.0)
      rubyzip (>= 1.2.2)
    semantic_range (2.3.0)
    shaped (0.7.1)
      activemodel (~> 6.0)
      activesupport (~> 6.0)
    shellany (0.0.1)
    shoulda-matchers (4.3.0)
      activesupport (>= 4.2.0)
    sidekiq (6.1.0)
      connection_pool (>= 2.2.2)
      rack (~> 2.0)
      redis (>= 4.2.0)
    sidekiq-scheduler (3.0.1)
      e2mmap
      redis (>= 3, < 5)
      rufus-scheduler (~> 3.2)
      sidekiq (>= 3)
      thwait
      tilt (>= 1.4.0)
    simplecov (0.18.5)
      docile (~> 1.1)
      simplecov-html (~> 0.11)
    simplecov-html (0.12.2)
    slop (4.8.1)
    spring (2.1.0)
    spring-commands-rspec (1.0.4)
      spring (>= 0.9.1)
    sprockets (4.0.2)
      concurrent-ruby (~> 1.0)
      rack (> 1, < 3)
    sprockets-rails (3.2.1)
      actionpack (>= 4.0)
      activesupport (>= 4.0)
      sprockets (>= 3.0.0)
    stackprof (0.2.15)
    temple (0.8.2)
    thor (1.0.1)
    thread_safe (0.3.6)
    thwait (0.1.0)
    tilt (2.0.10)
    tzinfo (2.0.2)
      concurrent-ruby (~> 1.0)
    unf (0.1.4)
      unf_ext
    unf_ext (0.0.7.7)
    unicode-display_width (1.7.0)
    url (0.3.2)
    warden (1.2.8)
      rack (>= 2.0.6)
    webmock (3.8.3)
      addressable (>= 2.3.6)
      crack (>= 0.3.2)
      hashdiff (>= 0.4.0, < 2.0.0)
    webpacker (5.1.1)
      activesupport (>= 5.2)
      rack-proxy (>= 0.6.1)
      railties (>= 5.2)
      semantic_range (>= 2.3.0)
    websocket-driver (0.7.2)
      websocket-extensions (>= 0.1.0)
    websocket-extensions (0.1.5)
    xpath (3.2.0)
      nokogiri (~> 1.8)
    zeitwerk (2.3.1)

PLATFORMS
  ruby

DEPENDENCIES
  active_actions!
  active_model_serializers
  administrate
  amazing_print
  annotate
  aws-sdk-s3
  better_errors
  binding_of_caller
  bootsnap
  brakeman
  browser
  capybara
  climate_control
  codecov
  connection_pool
  dalli
  database_consistency
  devise
  dotenv-rails
  email_reply_trimmer!
  factory_bot_rails
  faker
  faraday
  faraday_middleware
  fixture_builder
  flamegraph
  flipper
  flipper-redis
  flipper-ui
  guard-espect!
  hamlit
  hashdiff
  heat!
  http_logger
  immigrant
  js-routes
  json-schema
  launchy
  letter_opener
  listen
  lograge
  memoist
  newrelic_rpm
  oj
  omniauth-google-oauth2
  omniauth-rails_csrf_protection
  pallets
  percy-capybara
  pg
  pry
  pry-byebug
  pry-rails
  puma (~> 5.0.0.beta1)
  pundit
  rack-attack
  rack-mini-profiler
  rails!
  rails-controller-testing!
  redd!
  redis
  rollbar
  rspec-instafail
  rspec-rails
  rspec_performance_summary!
  rubocop
  rubocop-performance
  rubocop-rails
  rubocop-rspec
  runger_style!
  selenium-webdriver
  shoulda-matchers
  sidekiq
  sidekiq-scheduler
  spring
  spring-commands-rspec
  spring-watcher-listen!
  stackprof
  thread_safe
  webmock
  webpacker

RUBY VERSION
   ruby 2.7.0p0

BUNDLED WITH
   2.1.2
